GIT
  remote: git://github.com/jnicklas/carrierwave.git
  revision: 272c9aac1f2f30c4bd2990e28a3b1403c9820f37
  branch: master
  specs:
    carrierwave (0.5.0)
      activesupport (~> 3.0)

GEM
  remote: http://rubygems.org/
  specs:
    abstract (1.0.0)
    actionmailer (3.0.3)
      actionpack (= 3.0.3)
      mail (~> 2.2.9)
    actionpack (3.0.3)
      activemodel (= 3.0.3)
      activesupport (= 3.0.3)
      builder (~> 2.1.2)
      erubis (~> 2.6.6)
      i18n (~> 0.4)
      rack (~> 1.2.1)
      rack-mount (~> 0.6.13)
      rack-test (~> 0.5.6)
      tzinfo (~> 0.3.23)
    activemodel (3.0.3)
      activesupport (= 3.0.3)
      builder (~> 2.1.2)
      i18n (~> 0.4)
    activerecord (3.0.3)
      activemodel (= 3.0.3)
      activesupport (= 3.0.3)
      arel (~> 2.0.2)
      tzinfo (~> 0.3.23)
    activeresource (3.0.3)
      activemodel (= 3.0.3)
      activesupport (= 3.0.3)
    activesupport (3.0.3)
    arel (2.0.3)
    bcrypt-ruby (2.1.2)
    beanstalk-client (1.1.0)
    bson (1.1.2)
    bson_ext (1.1.2)
    builder (2.1.2)
    devise (1.1.3)
      bcrypt-ruby (~> 2.1.2)
      warden (~> 0.10.7)
    erubis (2.6.6)
      abstract (>= 1.0.0)
    faker (0.3.1)
    flash_cookie_session (1.0.1)
      rails (~> 3.0)
    i18n (0.4.2)
    json_pure (1.4.6)
    mail (2.2.10)
      activesupport (>= 2.3.6)
      i18n (~> 0.4.1)
      mime-types (~> 1.16)
      treetop (~> 1.4.8)
    mime-types (1.16)
    mogilefs-client (2.1.0)
    mongo (1.1.2)
      bson (>= 1.1.1)
    mongo_session_store (2.0.0)
      actionpack (~> 3.0)
    mongoid (2.0.0.beta.20)
      activemodel (~> 3.0)
      mongo (~> 1.1)
      tzinfo (~> 0.3.22)
      will_paginate (~> 3.0.pre)
    mongoid_search (0.1.2)
      mongoid (~> 2.0.0.beta)
    mongoid_slug (0.6.1)
      mongoid (~> 2.0.0.rc.6)
      stringex (~> 1.2.0)
    polyglot (0.3.1)
    rack (1.2.1)
    rack-mount (0.6.13)
      rack (>= 1.0.0)
    rack-test (0.5.6)
      rack (>= 1.0)
    rails (3.0.3)
      actionmailer (= 3.0.3)
      actionpack (= 3.0.3)
      activerecord (= 3.0.3)
      activeresource (= 3.0.3)
      activesupport (= 3.0.3)
      bundler (~> 1.0)
      railties (= 3.0.3)
    railties (3.0.3)
      actionpack (= 3.0.3)
      activesupport (= 3.0.3)
      rake (>= 0.8.7)
      thor (~> 0.14.4)
    rake (0.8.7)
    redis (2.1.1)
    rmagick (2.13.1)
    simple_form (1.2.2)
    stalker (0.5.0)
      beanstalk-client
      json_pure
    stringex (1.2.0)
    thor (0.14.4)
    timeliness (0.3.3)
    trackoid (0.1.10)
    treetop (1.4.9)
      polyglot (>= 0.3.1)
    tzinfo (0.3.23)
    validates_timeliness (3.0.5)
      timeliness (~> 0.3.2)
    warden (0.10.7)
      rack (>= 1.0.0)
    will_paginate (3.0.pre2)

PLATFORMS
  ruby

DEPENDENCIES
  bson_ext (= 1.1.2)
  carrierwave!
  devise (= 1.1.3)
  faker
  flash_cookie_session
  mogilefs-client
  mongo_session_store
  mongoid (= 2.0.0.beta.20)
  mongoid_search
  mongoid_slug
  rails (= 3.0.3)
  redis
  rmagick
  simple_form
  stalker
  trackoid
  validates_timeliness (~> 3.0.2)
  will_paginate (~> 3.0.pre2)
